GEM
  remote: http://rubygems.org/
  specs:
    json (1.7.5)
    kgio (2.7.4)
    mysql (2.8.1)
    rack (1.4.1)
    rack-protection (1.2.0)
      rack
    raindrops (0.10.0)
    sinatra (1.3.3)
      rack (>= 1.3.6, ~> 1.3)
      rack-protection (~> 1.2)
      tilt (>= 1.3.3, ~> 1.3)
    tilt (1.3.3)
    unicorn (4.3.1)
      kgio (~> 2.6)
      rack
      raindrops (~> 0.7)

PLATFORMS
  ruby

DEPENDENCIES
  json
  mysql
  sinatra
  unicorn
