GEM
  remote: http://rubygems.org/
  specs:
    json (1.7.5)
    kgio (2.7.4)
    macaddr (1.5.0)
      systemu (>= 2.4.0)
    mysql (2.8.1)
    rack (1.4.1)
    rack-protection (1.2.0)
      rack
    raindrops (0.10.0)
    sinatra (1.3.3)
      rack (~> 1.3, >= 1.3.6)
      rack-protection (~> 1.2)
      tilt (~> 1.3, >= 1.3.3)
    systemu (2.5.2)
    tilt (1.3.3)
    unicorn (4.3.1)
      kgio (~> 2.6)
      rack
      raindrops (~> 0.7)
    uuid (2.3.5)
      macaddr (~> 1.0)

PLATFORMS
  ruby

DEPENDENCIES
  json
  mysql
  sinatra
  unicorn
  uuid
